PATH
  remote: .
  specs:
    fluentd-plugin-workato-filter (0.0.2)

GEM
  remote: https://rubygems.org/
  specs:
    backports (3.14.0)
    byebug (11.0.1)
    coderay (1.1.2)
    concurrent-ruby (1.1.9)
    cool.io (1.7.1)
    diff-lcs (1.3)
    fluentd (1.14.2)
      bundler
      cool.io (>= 1.4.5, < 2.0.0)
      http_parser.rb (>= 0.5.1, < 0.8.0)
      msgpack (>= 1.3.1, < 2.0.0)
      serverengine (>= 2.2.2, < 3.0.0)
      sigdump (~> 0.2.2)
      strptime (>= 0.2.4, < 1.0.0)
      tzinfo (>= 1.0, < 3.0)
      tzinfo-data (~> 1.0)
      webrick (>= 1.4.2, < 1.8.0)
      yajl-ruby (~> 1.0)
    http_parser.rb (0.7.0)
    method_source (0.9.2)
    msgpack (1.4.2)
    multi_json (1.13.1)
    mustermann (1.0.3)
    power_assert (1.1.4)
    pry (0.12.2)
      coderay (~> 1.1.0)
      method_source (~> 0.9.0)
    pry-byebug (3.7.0)
      byebug (~> 11.0)
      pry (~> 0.10)
    rack (2.0.7)
    rack-protection (2.0.5)
      rack
    rake (10.5.0)
    rspec (3.8.0)
      rspec-core (~> 3.8.0)
      rspec-expectations (~> 3.8.0)
      rspec-mocks (~> 3.8.0)
    rspec-core (3.8.0)
      rspec-support (~> 3.8.0)
    rspec-expectations (3.8.2)
      diff-lcs (>= 1.2.0, < 2.0)
      rspec-support (~> 3.8.0)
    rspec-mocks (3.8.0)
      diff-lcs (>= 1.2.0, < 2.0)
      rspec-support (~> 3.8.0)
    rspec-support (3.8.0)
    serverengine (2.2.4)
      sigdump (~> 0.2.2)
    sigdump (0.2.4)
    sinatra (2.0.5)
      mustermann (~> 1.0)
      rack (~> 2.0)
      rack-protection (= 2.0.5)
      tilt (~> 2.0)
    sinatra-contrib (2.0.5)
      backports (>= 2.8.2)
      multi_json
      mustermann (~> 1.0)
      rack-protection (= 2.0.5)
      sinatra (= 2.0.5)
      tilt (>= 1.3, < 3)
    slim (4.0.1)
      temple (>= 0.7.6, < 0.9)
      tilt (>= 2.0.6, < 2.1)
    strptime (0.2.5)
    temple (0.8.1)
    test-unit (3.3.1)
      power_assert
    tilt (2.0.9)
    tzinfo (2.0.4)
      concurrent-ruby (~> 1.0)
    tzinfo-data (1.2021.5)
      tzinfo (>= 1.0.0)
    webrick (1.7.0)
    yajl-ruby (1.4.1)

PLATFORMS
  ruby

DEPENDENCIES
  bundler (~> 2.0)
  fluentd (~> 1.14.2)
  fluentd-plugin-workato-filter!
  pry-byebug (~> 3.7.0)
  rake (~> 10.0)
  rspec (~> 3.0)
  sinatra
  sinatra-contrib
  slim
  test-unit (~> 3.3.1)

BUNDLED WITH
   2.0.1
